PATH
  remote: .
  specs:
    faraday (0.4.6)
      addressable (~> 2.1.1)
      multipart-post (~> 1.0.1)
      rack (~> 1.0.1)

GEM
  remote: http://rubygems.org/
  specs:
    addressable (2.1.2)
    columnize (0.3.1)
    gemcutter (0.6.1)
    git (1.2.5)
    jeweler (1.4.0)
      gemcutter (>= 0.1.0)
      git (>= 1.2.5)
      rubyforge (>= 2.0.0)
    json_pure (1.4.6)
    linecache (0.43)
    multipart-post (1.0.1)
    rack (1.0.1)
    rake (0.8.7)
    ruby-debug (0.10.3)
      columnize (>= 0.1)
      ruby-debug-base (~> 0.10.3.0)
    ruby-debug-base (0.10.3)
      linecache (>= 0.3)
    rubyforge (2.0.4)
      json_pure (>= 1.1.7)
    test-unit (2.1.1)

PLATFORMS
  ruby

DEPENDENCIES
  addressable (~> 2.1.1)
  faraday!
  jeweler (~> 1.4.0)
  multipart-post (~> 1.0.1)
  rack (~> 1.0.1)
  rake (~> 0.8.7)
  ruby-debug (~> 0.10.3)
  test-unit (~> 2.1.1)
