PATH
  remote: .
  specs:
    faraday (0.4.6)
      addressable (~> 2.1.1)
      multipart-post (~> 1.0.1)
      rack (~> 1.0.1)

GEM
  remote: http://rubygems.org/
  specs:
    addressable (2.1.2)
    columnize (0.3.1)
    linecache (0.43)
    multipart-post (1.0.1)
    rack (1.0.1)
    rake (0.8.7)
    ruby-debug (0.10.3)
      columnize (>= 0.1)
      ruby-debug-base (~> 0.10.3.0)
    ruby-debug-base (0.10.3)
      linecache (>= 0.3)
    sinatra (1.0)
      rack (>= 1.0)
    test-unit (2.1.1)

PLATFORMS
  ruby

DEPENDENCIES
  addressable (~> 2.1.1)
  faraday!
  multipart-post (~> 1.0.1)
  rack (~> 1.0.1)
  rake (~> 0.8.7)
  ruby-debug (~> 0.10.3)
  sinatra (~> 1.0.0)
  test-unit (~> 2.1.1)
